GEM
  remote: https://rubygems.org/
  specs:
    addressable (2.8.0)
      public_suffix (>= 2.0.2, < 5.0)
    coderay (1.1.1)
    colorator (1.1.0)
    ffi (1.9.18)
    formatador (0.2.5)
    forwardable-extended (2.6.0)
    guard (2.14.0)
      formatador (>= 0.2.4)
      listen (>= 2.7, < 4.0)
      lumberjack (~> 1.0)
      nenv (~> 0.1)
      notiffany (~> 0.0)
      pry (>= 0.9.12)
      shellany (~> 0.0)
      thor (>= 0.18.1)
    jekyll (3.5.2)
      addressable (~> 2.4)
      colorator (~> 1.0)
      jekyll-sass-converter (~> 1.0)
      jekyll-watch (~> 1.1)
      kramdown (~> 1.3)
      liquid (~> 4.0)
      mercenary (~> 0.3.3)
      pathutil (~> 0.9)
      rouge (~> 1.7)
      safe_yaml (~> 1.0)
    jekyll-feed (0.8.0)
      jekyll (~> 3.3)
    jekyll-paginate (1.1.0)
    jekyll-sass-converter (1.5.0)
      sass (~> 3.4)
    jekyll-sitemap (1.1.1)
      jekyll (~> 3.3)
    jekyll-watch (1.5.0)
      listen (~> 3.0, < 3.1)
    kramdown (1.14.0)
    liquid (4.0.0)
    listen (3.0.8)
      rb-fsevent (~> 0.9, >= 0.9.4)
      rb-inotify (~> 0.9, >= 0.9.7)
    lumberjack (1.0.10)
    mercenary (0.3.6)
    method_source (0.8.2)
    nenv (0.3.0)
    notiffany (0.1.1)
      nenv (~> 0.1)
      shellany (~> 0.0)
    pathutil (0.14.0)
      forwardable-extended (~> 2.6)
    pry (0.10.4)
      coderay (~> 1.1.0)
      method_source (~> 0.8.1)
      slop (~> 3.4)
    public_suffix (4.0.6)
    rb-fsevent (0.10.2)
    rb-inotify (0.9.10)
      ffi (>= 0.5.0, < 2)
    redcarpet (3.4.0)
    rouge (1.11.1)
    safe_yaml (1.0.4)
    sass (3.5.1)
      sass-listen (~> 4.0.0)
    sass-listen (4.0.0)
      rb-fsevent (~> 0.9, >= 0.9.4)
      rb-inotify (~> 0.9, >= 0.9.7)
    shellany (0.0.1)
    slop (3.6.0)
    thor (0.19.1)

PLATFORMS
  ruby

DEPENDENCIES
  guard
  jekyll
  jekyll-feed (~> 0.6)
  jekyll-paginate
  jekyll-sitemap
  jekyll-watch
  kramdown
  redcarpet

BUNDLED WITH
   1.15.4
